GEM
  remote: https://rubygems.org/
  specs:
    addressable (2.5.1)
      public_suffix (~> 2.0, >= 2.0.2)
    colorator (1.1.0)
    ffi (1.9.18)
    forwardable-extended (2.6.0)
    git-version-bump (0.15.1)
    jekyll (3.4.3)
      addressable (~> 2.4)
      colorator (~> 1.0)
      jekyll-sass-converter (~> 1.0)
      jekyll-watch (~> 1.1)
      kramdown (~> 1.3)
      liquid (~> 3.0)
      mercenary (~> 0.3.3)
      pathutil (~> 0.9)
      rouge (~> 1.7)
      safe_yaml (~> 1.0)
    jekyll-feed (0.9.2)
      jekyll (~> 3.3)
    jekyll-paginate-v2 (1.7.4)
      jekyll (~> 3.0)
    jekyll-sass-converter (1.5.0)
      sass (~> 3.4)
    jekyll-watch (1.5.0)
      listen (~> 3.0, < 3.1)
    kramdown (1.13.2)
    liquid (3.0.6)
    listen (3.0.8)
      rb-fsevent (~> 0.9, >= 0.9.4)
      rb-inotify (~> 0.9, >= 0.9.7)
    mercenary (0.3.6)
    minima (2.1.1)
      jekyll (~> 3.3)
    newrelic_rpm (4.2.0.334)
    pathutil (0.14.0)
      forwardable-extended (~> 2.6)
    public_suffix (2.0.5)
    puma (3.8.2)
    rack (1.6.8)
    rack-contrib (1.4.0)
      git-version-bump (~> 0.15)
      rack (~> 1.4)
    rack-rewrite (1.5.1)
    rake (12.0.0)
    rb-fsevent (0.9.8)
    rb-inotify (0.9.8)
      ffi (>= 0.5.0)
    rouge (1.11.1)
    safe_yaml (1.0.4)
    sass (3.4.23)

PLATFORMS
  ruby

DEPENDENCIES
  jekyll (= 3.4.3)
  jekyll-feed (~> 0.6)
  jekyll-paginate-v2
  kramdown
  minima (~> 2.0)
  newrelic_rpm
  puma
  rack
  rack-contrib
  rack-rewrite
  rake
  tzinfo-data

RUBY VERSION
   ruby 2.4.1p111

BUNDLED WITH
   1.15.0
